GEM
  remote: https://rubygems.org/
  specs:
    bourbon (3.1.8)
      sass (>= 3.2.0)
      thor
    rack (1.4.1)
    rack-protection (1.2.0)
      rack
    sass (3.2.11)
    sinatra (1.3.3)
      rack (~> 1.3, >= 1.3.6)
      rack-protection (~> 1.2)
      tilt (~> 1.3, >= 1.3.3)
    thor (0.18.1)
    tilt (1.3.3)

PLATFORMS
  ruby

DEPENDENCIES
  bourbon (~> 3.1.8)
  sinatra (~> 1.3.3)
